PATH
  remote: .
  specs:
    s3reamer (0.0.8)
      aws-sdk (~> 2)
      concurrent-ruby (~> 1)
      rake
      rb-inotify (~> 0.9)
      thread (~> 0.2)
      thread_safe (~> 0.3)

GEM
  remote: https://rubygems.org/
  specs:
    aws-sdk (2.6.38)
      aws-sdk-resources (= 2.6.38)
    aws-sdk-core (2.6.38)
      aws-sigv4 (~> 1.0)
      jmespath (~> 1.0)
    aws-sdk-resources (2.6.38)
      aws-sdk-core (= 2.6.38)
    aws-sigv4 (1.0.0)
    concurrent-ruby (1.0.3)
    ffi (1.9.14)
    jmespath (1.3.1)
    rake (12.0.0)
    rb-inotify (0.9.7)
      ffi (>= 0.5.0)
    thread (0.2.2)
    thread_safe (0.3.5)

PLATFORMS
  ruby

DEPENDENCIES
  s3reamer!

BUNDLED WITH
   1.12.5
