GEM
  remote: https://rubygems.org/
  specs:
    aws-sdk (2.2.28)
      aws-sdk-resources (= 2.2.28)
    aws-sdk-core (2.2.28)
      jmespath (~> 1.0)
    aws-sdk-resources (2.2.28)
      aws-sdk-core (= 2.2.28)
    concurrent-ruby (1.0.0)
    ffi (1.9.10)
    jmespath (1.1.3)
    rb-inotify (0.9.5)
      ffi (>= 0.5.0)
    thread (0.2.2)
    thread_safe (0.3.5)

PLATFORMS
  ruby

DEPENDENCIES
  aws-sdk (~> 2)
  concurrent-ruby
  rb-inotify
  thread
  thread_safe

BUNDLED WITH
   1.11.2
