PATH
  remote: .
  specs:
    s3reamer (0.0.1)
      aws-sdk (~> 2)
      concurrent-ruby (~> 1)
      rake
      rb-inotify (~> 0.9)
      thread (~> 0.2)
      thread_safe (~> 0.3)

GEM
  remote: https://rubygems.org/
  specs:
    aws-sdk (2.2.28)
      aws-sdk-resources (= 2.2.28)
    aws-sdk-core (2.2.28)
      jmespath (~> 1.0)
    aws-sdk-resources (2.2.28)
      aws-sdk-core (= 2.2.28)
    concurrent-ruby (1.0.1)
    ffi (1.9.10)
    jmespath (1.1.3)
    rake (11.1.1)
    rb-inotify (0.9.7)
      ffi (>= 0.5.0)
    thread (0.2.2)
    thread_safe (0.3.5)

PLATFORMS
  ruby

DEPENDENCIES
  s3reamer!

BUNDLED WITH
   1.11.2
